GEM
  remote: https://rubygems.org/
  specs:
    activemodel (4.2.11.3)
      activesupport (= 4.2.11.3)
      builder (~> 3.1)
    activesupport (4.2.11.3)
      i18n (~> 0.7)
      minitest (~> 5.1)
      thread_safe (~> 0.3, >= 0.3.4)
      tzinfo (~> 1.1)
    bson (4.11.1)
    builder (3.2.4)
    concurrent-ruby (1.1.7)
    ddtrace (0.41.0)
      msgpack
    i18n (0.9.5)
      concurrent-ruby (~> 1.0)
    minitest (5.14.2)
    mongo (2.13.1)
      bson (>= 4.8.2, < 5.0.0)
    mongoid (5.4.1)
      activemodel (~> 4.0)
      mongo (>= 2.5.1, < 3.0.0)
      origin (~> 2.3)
      tzinfo (>= 0.3.37)
    msgpack (1.3.3)
    origin (2.3.1)
    thread_safe (0.3.6)
    tzinfo (1.2.7)
      thread_safe (~> 0.1)

PLATFORMS
  ruby

DEPENDENCIES
  ddtrace (= 0.41.0)
  mongoid (= 5.4.1)

RUBY VERSION
   ruby 2.6.5p114

BUNDLED WITH
   2.1.4
